PATH
  remote: .
  specs:
    vault-tools (0.5.18)
      aws-sdk
      excon
      fernet (= 2.0.rc2)
      heroku-api
      honeybadger
      rack (~> 1.6.4)
      rack-ssl-enforcer
      rdoc
      scrolls
      sinatra (~> 1.4.4)
      uuidtools
      yard

GEM
  remote: https://rubygems.org/
  specs:
    ansi (1.5.0)
    aws-sdk (2.1.2)
      aws-sdk-resources (= 2.1.2)
    aws-sdk-core (2.1.2)
      jmespath (~> 1.0)
    aws-sdk-resources (2.1.2)
      aws-sdk-core (= 2.1.2)
    excon (0.45.3)
    fernet (2.0.rc2)
      valcro (= 0.1)
    guard-compat (1.2.1)
    guard-minitest (2.4.4)
      guard-compat (~> 1.2)
      minitest (>= 3.0)
    heroku-api (0.3.23)
      excon (~> 0.44)
      multi_json (~> 1.8)
    honeybadger (2.1.0)
    jmespath (1.0.2)
      multi_json (~> 1.0)
    logfmt (0.0.7)
    mini_portile (0.6.2)
    minitest (4.7.5)
    multi_json (1.11.1)
    nokogiri (1.6.6.2)
      mini_portile (~> 0.6.0)
    rack (1.6.4)
    rack-protection (1.5.3)
      rack
    rack-ssl-enforcer (0.2.8)
    rack-test (0.6.3)
      rack (>= 1.0)
    rake (10.4.2)
    rdoc (4.2.0)
    rr (1.1.2)
    scrolls (0.3.8)
    shotgun (0.9.1)
      rack (>= 1.0)
    sinatra (1.4.6)
      rack (~> 1.4)
      rack-protection (~> 1.4)
      tilt (>= 1.3, < 3)
    tilt (2.0.1)
    turn (0.9.7)
      ansi
      minitest (~> 4)
    uuidtools (2.1.5)
    valcro (0.1)
    vault-test-tools (0.3.9)
      guard-minitest
      logfmt
      minitest (~> 4.7.4)
      nokogiri
      rack-test
      rr
      scrolls
      turn
    yard (0.8.7.6)
    yard-sinatra (1.0.0)
      yard (~> 0.7)

PLATFORMS
  ruby

DEPENDENCIES
  guard-minitest
  rake
  shotgun
  vault-test-tools
  vault-tools!
  yard-sinatra

BUNDLED WITH
   1.10.2
